GEM
  remote: https://rubygems.org/
  specs:
    mysql (2.9.1)
    rack (1.6.5)
    rack-protection (1.5.3)
      rack
    sequel (4.40.0)
    sinatra (1.4.7)
      rack (~> 1.5)
      rack-protection (~> 1.4)
      tilt (>= 1.3, < 3)
    tilt (2.0.5)

PLATFORMS
  ruby

DEPENDENCIES
  mysql!
  sequel!
  sinatra!
  tilt!

BUNDLED WITH
   1.13.6
